GEM
  remote: https://rubygems.org/
  specs:
    colorize (0.8.1)

PLATFORMS
  arm64-darwin-20

DEPENDENCIES
  colorize

RUBY VERSION
   ruby 3.0.2p107

BUNDLED WITH
   2.2.31
